PATH
  remote: colorizr
  specs:
    colorizr (0.0.2)

GEM
  remote: https://rubygems.org/
  specs:
    minitest (5.5.1)

PLATFORMS
  ruby

DEPENDENCIES
  colorizr (~> 0.0.2)!
  minitest (~> 5.5.1)

BUNDLED WITH
   1.11.2
