PATH
  remote: colorizr
  specs:
    colorizr (0.0.2)

GEM
  remote: https://rubygems.org/
  specs:

PLATFORMS
  ruby

DEPENDENCIES
  colorizr (~> 0.0.2)!

BUNDLED WITH
   1.11.2
